GEM
  remote: https://rubygems.org/
  specs:
    activemodel (5.2.8.1)
      activesupport (= 5.2.8.1)
    activerecord (5.2.8.1)
      activemodel (= 5.2.8.1)
      activesupport (= 5.2.8.1)
      arel (>= 9.0)
    activesupport (5.2.8.1)
      concurrent-ruby (~> 1.0, >= 1.0.2)
      i18n (>= 0.7, < 2)
      minitest (~> 5.1)
      tzinfo (~> 1.1)
    arel (9.0.0)
    concurrent-ruby (1.2.3)
    ffi (1.16.3)
    i18n (1.14.1)
      concurrent-ruby (~> 1.0)
    listen (3.8.0)
      rb-fsevent (~> 0.10, >= 0.10.3)
      rb-inotify (~> 0.9, >= 0.9.10)
    mini_portile2 (2.8.5)
    minitest (5.22.0)
    nio4r (2.7.0)
    puma (6.4.2)
      nio4r (~> 2.0)
    rack (1.6.13)
    rack-protection (1.5.5)
      rack
    rake (13.1.0)
    rb-fsevent (0.11.2)
    rb-inotify (0.10.1)
      ffi (~> 1.0)
    rerun (0.14.0)
      listen (~> 3.0)
    sinatra (1.4.8)
      rack (~> 1.5)
      rack-protection (~> 1.4)
      tilt (>= 1.3, < 3)
    sqlite3 (1.7.2)
      mini_portile2 (~> 2.8.0)
    sqlite3 (1.7.2-x86_64-linux)
    thread_safe (0.3.6)
    tilt (2.3.0)
    tzinfo (1.2.11)
      thread_safe (~> 0.1)

PLATFORMS
  ruby
  x86_64-linux

DEPENDENCIES
  activerecord (~> 5.0, >= 5.0.0.1)
  puma (~> 6.4, >= 6.4.2)
  rake (~> 13.1)
  rerun (~> 0.14.0)
  sinatra (~> 1.4, >= 1.4.7)
  sqlite3 (~> 1.7, >= 1.7.2)

BUNDLED WITH
   2.5.5
